PATH
  remote: .
  specs:
    movie_searcher (0.1.2)
      httparty
      levenshteinish
      mimer_plus

GEM
  remote: http://rubygems.org/
  specs:
    ZenTest (4.4.2)
    autotest (4.4.6)
      ZenTest (>= 4.4.1)
    autotest-fsevent (0.2.4)
      sys-uname
    autotest-growl (0.2.9)
    autotest-standalone (4.5.4)
    crack (0.1.8)
    diff-lcs (1.1.2)
    hintable_levenshtein (0.0.3)
    httparty (0.7.3)
      crack (= 0.1.8)
    levenshteinish (0.0.1)
      hintable_levenshtein
    mimer_plus (0.0.4)
    rspec (2.4.0)
      rspec-core (~> 2.4.0)
      rspec-expectations (~> 2.4.0)
      rspec-mocks (~> 2.4.0)
    rspec-core (2.4.0)
    rspec-expectations (2.4.0)
      diff-lcs (~> 1.1.2)
    rspec-mocks (2.4.0)
    sys-uname (0.8.5)

PLATFORMS
  ruby

DEPENDENCIES
  autotest
  autotest-fsevent
  autotest-growl
  autotest-standalone
  movie_searcher!
  rspec
