PATH
  remote: .
  specs:
    imdb_party (0.4.0)
      httparty

GEM
  remote: http://rubygems.org/
  specs:
    crack (0.1.8)
    diff-lcs (1.1.2)
    httparty (0.7.3)
      crack (= 0.1.8)
    rspec (2.4.0)
      rspec-core (~> 2.4.0)
      rspec-expectations (~> 2.4.0)
      rspec-mocks (~> 2.4.0)
    rspec-core (2.4.0)
    rspec-expectations (2.4.0)
      diff-lcs (~> 1.1.2)
    rspec-mocks (2.4.0)
    shoulda (2.11.3)

PLATFORMS
  ruby

DEPENDENCIES
  imdb_party!
  rspec
  shoulda
